GEM
  remote: https://rubygems.org/
  specs:
    blankslate (3.1.3)
    diff-lcs (1.2.5)
    parslet (1.7.0)
      blankslate (>= 2.0, <= 4.0)
    rspec (3.3.0)
      rspec-core (~> 3.3.0)
      rspec-expectations (~> 3.3.0)
      rspec-mocks (~> 3.3.0)
    rspec-core (3.3.1)
      rspec-support (~> 3.3.0)
    rspec-expectations (3.3.0)
      diff-lcs (>= 1.2.0, < 2.0)
      rspec-support (~> 3.3.0)
    rspec-mocks (3.3.1)
      diff-lcs (>= 1.2.0, < 2.0)
      rspec-support (~> 3.3.0)
    rspec-support (3.3.0)
    thor (0.19.1)
    vim-flavor (2.2.1)
      parslet (~> 1.7)
      thor (~> 0.19)

PLATFORMS
  ruby

DEPENDENCIES
  rspec
  vim-flavor

BUNDLED WITH
   1.10.3
